GIT
  remote: https://github.com/cenotaph/jsom-pagination.git
  revision: 9397baa6ed839c0789e7c493ca24480c83d3d326
  specs:
    jsom-pagination (0.1.3)
      addressable (~> 2.3, >= 2.3.7)
      dry-struct (~> 1.3)
      pagy (~> 5.5)
      rack

GIT
  remote: https://github.com/globalize/globalize.git
  revision: 76b808b13d15c2b7158c0f61ff000b05de47afe6
  branch: master
  specs:
    globalize (6.0.1)
      activemodel (>= 4.2, < 7.0)
      activerecord (>= 4.2, < 7.0)
      request_store (~> 1.0)

GIT
  remote: https://github.com/seuros/capistrano-puma.git
  revision: f9801f6762d152c5d9da18ce726c7561cc4f9a8b
  specs:
    capistrano3-puma (5.2.0)
      capistrano (~> 3.7)
      capistrano-bundler
      puma (>= 4.0, < 6.0)

GEM
  remote: https://rubygems.org/
  specs:
    actioncable (6.1.4)
      actionpack (= 6.1.4)
      activesupport (= 6.1.4)
      nio4r (~> 2.0)
      websocket-driver (>= 0.6.1)
    actionmailbox (6.1.4)
      actionpack (= 6.1.4)
      activejob (= 6.1.4)
      activerecord (= 6.1.4)
      activestorage (= 6.1.4)
      activesupport (= 6.1.4)
      mail (>= 2.7.1)
    actionmailer (6.1.4)
      actionpack (= 6.1.4)
      actionview (= 6.1.4)
      activejob (= 6.1.4)
      activesupport (= 6.1.4)
      mail (~> 2.5, >= 2.5.4)
      rails-dom-testing (~> 2.0)
    actionpack (6.1.4)
      actionview (= 6.1.4)
      activesupport (= 6.1.4)
      rack (~> 2.0, >= 2.0.9)
      rack-test (>= 0.6.3)
      rails-dom-testing (~> 2.0)
      rails-html-sanitizer (~> 1.0, >= 1.2.0)
    actiontext (6.1.4)
      actionpack (= 6.1.4)
      activerecord (= 6.1.4)
      activestorage (= 6.1.4)
      activesupport (= 6.1.4)
      nokogiri (>= 1.8.5)
    actionview (6.1.4)
      activesupport (= 6.1.4)
      builder (~> 3.1)
      erubi (~> 1.4)
      rails-dom-testing (~> 2.0)
      rails-html-sanitizer (~> 1.1, >= 1.2.0)
    activejob (6.1.4)
      activesupport (= 6.1.4)
      globalid (>= 0.3.6)
    activemodel (6.1.4)
      activesupport (= 6.1.4)
    activerecord (6.1.4)
      activemodel (= 6.1.4)
      activesupport (= 6.1.4)
    activestorage (6.1.4)
      actionpack (= 6.1.4)
      activejob (= 6.1.4)
      activerecord (= 6.1.4)
      activesupport (= 6.1.4)
      marcel (~> 1.0.0)
      mini_mime (>= 1.1.0)
    activesupport (6.1.4)
      concurrent-ruby (~> 1.0, >= 1.0.2)
      i18n (>= 1.6, < 2)
      minitest (>= 5.1)
      tzinfo (~> 2.0)
      zeitwerk (~> 2.3)
    acts-as-taggable-on (8.1.0)
      activerecord (>= 5.0, < 6.2)
    addressable (2.8.0)
      public_suffix (>= 2.0.2, < 5.0)
    airbrussh (1.4.0)
      sshkit (>= 1.6.1, != 1.7.0)
    ast (2.4.2)
    aws-eventstream (1.2.0)
    aws-partitions (1.533.0)
    aws-sdk-core (3.122.1)
      aws-eventstream (~> 1, >= 1.0.2)
      aws-partitions (~> 1, >= 1.525.0)
      aws-sigv4 (~> 1.1)
      jmespath (~> 1.0)
    aws-sdk-kms (1.51.0)
      aws-sdk-core (~> 3, >= 3.122.0)
      aws-sigv4 (~> 1.1)
    aws-sdk-s3 (1.106.0)
      aws-sdk-core (~> 3, >= 3.122.0)
      aws-sdk-kms (~> 1)
      aws-sigv4 (~> 1.4)
    aws-sigv4 (1.4.0)
      aws-eventstream (~> 1, >= 1.0.2)
    bcrypt (3.1.16)
    bcrypt_pbkdf (1.1.0)
    bootsnap (1.9.1)
      msgpack (~> 1.0)
    buftok (0.2.0)
    builder (3.2.4)
    bullet (6.1.5)
      activesupport (>= 3.0.0)
      uniform_notifier (~> 1.11)
    byebug (11.1.3)
    cancancan (3.3.0)
    capistrano (3.16.0)
      airbrussh (>= 1.0.0)
      i18n
      rake (>= 10.0.0)
      sshkit (>= 1.9.0)
    capistrano-bundler (2.0.1)
      capistrano (~> 3.1)
    capistrano-rails (1.6.1)
      capistrano (~> 3.1)
      capistrano-bundler (>= 1.1, < 3)
    capistrano-rvm (0.1.2)
      capistrano (~> 3.0)
      sshkit (~> 1.2)
    carrierwave (2.2.2)
      activemodel (>= 5.0.0)
      activesupport (>= 5.0.0)
      addressable (~> 2.6)
      image_processing (~> 1.1)
      marcel (~> 1.0.0)
      mini_mime (>= 0.1.3)
      ssrf_filter (~> 1.0)
    carrierwave-aws (1.5.0)
      aws-sdk-s3 (~> 1.0)
      carrierwave (~> 2.0)
    carrierwave-base64 (2.10.0)
      carrierwave (>= 2.2.1)
      marcel (~> 1.0.0)
      mime-types (~> 3.0)
    closure_tree (7.4.0)
      activerecord (>= 4.2.10)
      with_advisory_lock (>= 4.0.0)
    concurrent-ruby (1.1.9)
    counter_culture (2.9.0)
      activerecord (>= 4.2)
      activesupport (>= 4.2)
    crass (1.0.6)
    database_cleaner (2.0.1)
      database_cleaner-active_record (~> 2.0.0)
    database_cleaner-active_record (2.0.1)
      activerecord (>= 5.a)
      database_cleaner-core (~> 2.0.0)
    database_cleaner-core (2.0.1)
    devise (4.8.0)
      bcrypt (~> 3.0)
      orm_adapter (~> 0.1)
      railties (>= 4.1.0)
      responders
      warden (~> 1.2.3)
    devise_token_auth (1.2.0)
      bcrypt (~> 3.0)
      devise (> 3.5.2, < 5)
      rails (>= 4.2.0, < 6.2)
    diff-lcs (1.4.4)
    docile (1.4.0)
    domain_name (0.5.20190701)
      unf (>= 0.0.5, < 1.0.0)
    dry-configurable (0.13.0)
      concurrent-ruby (~> 1.0)
      dry-core (~> 0.6)
    dry-container (0.9.0)
      concurrent-ruby (~> 1.0)
      dry-configurable (~> 0.13, >= 0.13.0)
    dry-core (0.7.1)
      concurrent-ruby (~> 1.0)
    dry-inflector (0.2.1)
    dry-logic (1.2.0)
      concurrent-ruby (~> 1.0)
      dry-core (~> 0.5, >= 0.5)
    dry-struct (1.4.0)
      dry-core (~> 0.5, >= 0.5)
      dry-types (~> 1.5)
      ice_nine (~> 0.11)
    dry-types (1.5.1)
      concurrent-ruby (~> 1.0)
      dry-container (~> 0.3)
      dry-core (~> 0.5, >= 0.5)
      dry-inflector (~> 0.1, >= 0.1.2)
      dry-logic (~> 1.0, >= 1.0.2)
    ed25519 (1.2.4)
    equalizer (0.0.11)
    erubi (1.10.0)
    etherpad-lite (0.3.0)
      rest-client (>= 1.6)
    factory_bot (6.2.0)
      activesupport (>= 5.0.0)
    factory_bot_rails (6.2.0)
      factory_bot (~> 6.2.0)
      railties (>= 5.0.0)
    faker (2.19.0)
      i18n (>= 1.6, < 2)
    faraday (1.8.0)
      faraday-em_http (~> 1.0)
      faraday-em_synchrony (~> 1.0)
      faraday-excon (~> 1.1)
      faraday-httpclient (~> 1.0.1)
      faraday-net_http (~> 1.0)
      faraday-net_http_persistent (~> 1.1)
      faraday-patron (~> 1.0)
      faraday-rack (~> 1.0)
      multipart-post (>= 1.2, < 3)
      ruby2_keywords (>= 0.0.4)
    faraday-em_http (1.0.0)
    faraday-em_synchrony (1.0.0)
    faraday-excon (1.1.0)
    faraday-httpclient (1.0.1)
    faraday-net_http (1.0.1)
    faraday-net_http_persistent (1.2.0)
    faraday-patron (1.0.0)
    faraday-rack (1.0.0)
    ffi (1.15.4)
    ffi-compiler (1.0.1)
      ffi (>= 1.0.0)
      rake
    figaro (1.2.0)
      thor (>= 0.14.0, < 2)
    flickraw (0.9.10)
    friendly_id (5.4.2)
      activerecord (>= 4.0.0)
    geocoder (1.7.0)
    gibbon (3.4.2)
      faraday (>= 1.0)
      multi_json (>= 1.11.0)
    globalid (0.5.2)
      activesupport (>= 5.0)
    globalize-accessors (0.3.0)
      globalize (>= 5.0.0)
    has_scope (0.8.0)
      actionpack (>= 5.2)
      activesupport (>= 5.2)
    hashie (5.0.0)
    hcaptcha (7.1.0)
      json
    http (4.4.1)
      addressable (~> 2.3)
      http-cookie (~> 1.0)
      http-form_data (~> 2.2)
      http-parser (~> 1.2.0)
    http-accept (1.7.0)
    http-cookie (1.0.4)
      domain_name (~> 0.5)
    http-form_data (2.3.0)
    http-parser (1.2.3)
      ffi-compiler (>= 1.0, < 2.0)
    http_accept_language (2.1.1)
    http_parser.rb (0.6.0)
    httparty (0.20.0)
      mime-types (~> 3.0)
      multi_xml (>= 0.5.2)
    httpclient (2.8.3)
    i18n (1.8.11)
      concurrent-ruby (~> 1.0)
    ice_nine (0.11.2)
    image_processing (1.12.1)
      mini_magick (>= 4.9.5, < 5)
      ruby-vips (>= 2.0.17, < 3)
    jmespath (1.4.0)
    json (2.6.1)
    json-schema (2.8.1)
      addressable (>= 2.4)
    jsonapi-serializer (2.2.0)
      activesupport (>= 4.2)
    jwt (2.3.0)
    launchy (2.5.0)
      addressable (~> 2.7)
    letter_opener (1.7.0)
      launchy (~> 2.2)
    listen (3.1.5)
      rb-fsevent (~> 0.9, >= 0.9.4)
      rb-inotify (~> 0.9, >= 0.9.7)
      ruby_dep (~> 1.2)
    loofah (2.12.0)
      crass (~> 1.0.2)
      nokogiri (>= 1.5.9)
    mail (2.7.1)
      mini_mime (>= 0.1.1)
    mail_form (1.9.0)
      actionmailer (>= 5.2)
      activemodel (>= 5.2)
    marcel (1.0.2)
    memoizable (0.4.2)
      thread_safe (~> 0.3, >= 0.3.1)
    method_source (1.0.0)
    mime-types (3.4.1)
      mime-types-data (~> 3.2015)
    mime-types-data (3.2021.1115)
    mini_magick (4.11.0)
    mini_mime (1.1.2)
    mini_portile2 (2.8.0)
    minitest (5.14.4)
    msgpack (1.4.2)
    multi_json (1.15.0)
    multi_xml (0.6.0)
    multipart-post (2.1.1)
    naught (1.1.0)
    net-scp (3.0.0)
      net-ssh (>= 2.6.5, < 7.0.0)
    net-ssh (6.1.0)
    netrc (0.11.0)
    nio4r (2.5.8)
    nokogiri (1.13.3)
      mini_portile2 (~> 2.8.0)
      racc (~> 1.4)
    oauth (0.5.8)
    oauth-client (0.1.0)
      json (>= 1.1.2)
      oauth (>= 0.3.1)
    oauth2 (1.4.7)
      faraday (>= 0.8, < 2.0)
      jwt (>= 1.0, < 3.0)
      multi_json (~> 1.3)
      multi_xml (~> 0.5)
      rack (>= 1.2, < 3)
    omniauth (2.0.4)
      hashie (>= 3.4.6)
      rack (>= 1.6.2, < 3)
      rack-protection
    omniauth-facebook (9.0.0)
      omniauth-oauth2 (~> 1.2)
    omniauth-google-oauth2 (1.0.0)
      jwt (>= 2.0)
      oauth2 (~> 1.1)
      omniauth (~> 2.0)
      omniauth-oauth2 (~> 1.7.1)
    omniauth-oauth (1.2.0)
      oauth
      omniauth (>= 1.0, < 3)
    omniauth-oauth2 (1.7.2)
      oauth2 (~> 1.4)
      omniauth (>= 1.9, < 3)
    omniauth-twitter (1.4.0)
      omniauth-oauth (~> 1.1)
      rack
    orm_adapter (0.5.0)
    pagy (5.5.0)
    paper_trail (12.1.0)
      activerecord (>= 5.2)
      request_store (~> 1.1)
    parallel (1.21.0)
    parser (3.0.2.0)
      ast (~> 2.4.1)
    pg (1.2.3)
    public_suffix (4.0.6)
    puma (5.5.2)
      nio4r (~> 2.0)
    racc (1.6.0)
    rack (2.2.3)
    rack-cors (1.1.1)
      rack (>= 2.0.0)
    rack-protection (2.1.0)
      rack
    rack-test (1.1.0)
      rack (>= 1.0, < 3)
    rack-utf8_sanitizer (1.7.0)
      rack (>= 1.0, < 3.0)
    rails (6.1.4)
      actioncable (= 6.1.4)
      actionmailbox (= 6.1.4)
      actionmailer (= 6.1.4)
      actionpack (= 6.1.4)
      actiontext (= 6.1.4)
      actionview (= 6.1.4)
      activejob (= 6.1.4)
      activemodel (= 6.1.4)
      activerecord (= 6.1.4)
      activestorage (= 6.1.4)
      activesupport (= 6.1.4)
      bundler (>= 1.15.0)
      railties (= 6.1.4)
      sprockets-rails (>= 2.0.0)
    rails-controller-testing (1.0.5)
      actionpack (>= 5.0.1.rc1)
      actionview (>= 5.0.1.rc1)
      activesupport (>= 5.0.1.rc1)
    rails-dom-testing (2.0.3)
      activesupport (>= 4.2.0)
      nokogiri (>= 1.6)
    rails-html-sanitizer (1.4.2)
      loofah (~> 2.3)
    railties (6.1.4)
      actionpack (= 6.1.4)
      activesupport (= 6.1.4)
      method_source
      rake (>= 0.13)
      thor (~> 1.0)
    rainbow (3.0.0)
    rake (13.0.6)
    randumb (0.6.0)
      activerecord (>= 3.0.20)
      activesupport (>= 3.0.20)
      rake
    rb-fsevent (0.11.0)
    rb-inotify (0.10.1)
      ffi (~> 1.0)
    redis (4.5.1)
    redis-actionpack (5.2.0)
      actionpack (>= 5, < 7)
      redis-rack (>= 2.1.0, < 3)
      redis-store (>= 1.1.0, < 2)
    redis-activesupport (5.2.1)
      activesupport (>= 3, < 7)
      redis-store (>= 1.3, < 2)
    redis-rack (2.1.3)
      rack (>= 2.0.8, < 3)
      redis-store (>= 1.2, < 2)
    redis-rails (5.0.2)
      redis-actionpack (>= 5.0, < 6)
      redis-activesupport (>= 5.0, < 6)
      redis-store (>= 1.2, < 2)
    redis-store (1.9.0)
      redis (>= 4, < 5)
    regexp_parser (2.1.1)
    request_store (1.5.0)
      rack (>= 1.4)
    responders (3.0.1)
      actionpack (>= 5.0)
      railties (>= 5.0)
    rest-client (2.1.0)
      http-accept (>= 1.7.0, < 2.0)
      http-cookie (>= 1.0.2, < 2.0)
      mime-types (>= 1.16, < 4.0)
      netrc (~> 0.8)
    rexml (3.2.5)
    rolify (6.0.0)
    rollbar (3.3.0)
    rspec-core (3.10.1)
      rspec-support (~> 3.10.0)
    rspec-expectations (3.10.1)
      diff-lcs (>= 1.2.0, < 2.0)
      rspec-support (~> 3.10.0)
    rspec-mocks (3.10.2)
      diff-lcs (>= 1.2.0, < 2.0)
      rspec-support (~> 3.10.0)
    rspec-rails (5.0.2)
      actionpack (>= 5.2)
      activesupport (>= 5.2)
      railties (>= 5.2)
      rspec-core (~> 3.10)
      rspec-expectations (~> 3.10)
      rspec-mocks (~> 3.10)
      rspec-support (~> 3.10)
    rspec-support (3.10.3)
    rswag (2.4.0)
      rswag-api (= 2.4.0)
      rswag-specs (= 2.4.0)
      rswag-ui (= 2.4.0)
    rswag-api (2.4.0)
      railties (>= 3.1, < 7.0)
    rswag-specs (2.4.0)
      activesupport (>= 3.1, < 7.0)
      json-schema (~> 2.2)
      railties (>= 3.1, < 7.0)
    rswag-ui (2.4.0)
      actionpack (>= 3.1, < 7.0)
      railties (>= 3.1, < 7.0)
    rubocop (1.23.0)
      parallel (~> 1.10)
      parser (>= 3.0.0.0)
      rainbow (>= 2.2.2, < 4.0)
      regexp_parser (>= 1.8, < 3.0)
      rexml
      rubocop-ast (>= 1.12.0, < 2.0)
      ruby-progressbar (~> 1.7)
      unicode-display_width (>= 1.4.0, < 3.0)
    rubocop-ast (1.13.0)
      parser (>= 3.0.1.1)
    rubocop-faker (1.1.0)
      faker (>= 2.12.0)
      rubocop (>= 0.82.0)
    rubocop-performance (1.12.0)
      rubocop (>= 1.7.0, < 2.0)
      rubocop-ast (>= 0.4.0)
    rubocop-rspec (2.6.0)
      rubocop (~> 1.19)
    ruby-progressbar (1.11.0)
    ruby-vips (2.1.4)
      ffi (~> 1.12)
    ruby2_keywords (0.0.5)
    ruby_dep (1.5.0)
    shoulda-matchers (5.0.0)
      activesupport (>= 5.2.0)
    simple_oauth (0.3.1)
    simplecov (0.21.2)
      docile (~> 1.1)
      simplecov-html (~> 0.11)
      simplecov_json_formatter (~> 0.1)
    simplecov-html (0.12.3)
    simplecov_json_formatter (0.1.3)
    spring (2.1.1)
    spring-watcher-listen (2.0.1)
      listen (>= 2.7, < 4.0)
      spring (>= 1.2, < 3.0)
    sprockets (4.0.2)
      concurrent-ruby (~> 1.0)
      rack (> 1, < 3)
    sprockets-rails (3.4.0)
      actionpack (>= 5.2)
      activesupport (>= 5.2)
      sprockets (>= 3.0.0)
    sshkit (1.21.2)
      net-scp (>= 1.1.2)
      net-ssh (>= 2.8.0)
    ssrf_filter (1.0.7)
    textacular (5.4.0)
      activerecord (>= 5.0, < 6.2)
    thor (1.1.0)
    thread_safe (0.3.6)
    twitter (7.0.0)
      addressable (~> 2.3)
      buftok (~> 0.2.0)
      equalizer (~> 0.0.11)
      http (~> 4.0)
      http-form_data (~> 2.0)
      http_parser.rb (~> 0.6.0)
      memoizable (~> 0.4.0)
      multipart-post (~> 2.0)
      naught (~> 1.0)
      simple_oauth (~> 0.3.0)
    tzinfo (2.0.4)
      concurrent-ruby (~> 1.0)
    unf (0.1.4)
      unf_ext
    unf_ext (0.0.8)
    unicode-display_width (2.1.0)
    uniform_notifier (1.14.2)
    vimeo (1.5.4)
      httparty (>= 0.4.5)
      httpclient (>= 2.1.5.2)
      json (>= 1.1.9)
      multipart-post (>= 1.0.1)
      oauth (>= 0.4.3)
    warden (1.2.9)
      rack (>= 2.0.9)
    websocket-driver (0.7.5)
      websocket-extensions (>= 0.1.0)
    websocket-extensions (0.1.5)
    with_advisory_lock (4.6.0)
      activerecord (>= 4.2)
    yt (0.33.4)
      activesupport
    zeitwerk (2.5.1)

PLATFORMS
  ruby

DEPENDENCIES
  acts-as-taggable-on
  bcrypt_pbkdf
  bootsnap (>= 1.4.2)
  bullet
  byebug
  cancancan
  capistrano
  capistrano-bundler
  capistrano-rails
  capistrano-rvm
  capistrano3-puma!
  carrierwave
  carrierwave-aws
  carrierwave-base64
  closure_tree
  counter_culture (~> 2.0)
  database_cleaner
  devise
  devise_token_auth
  ed25519
  etherpad-lite
  factory_bot_rails
  faker
  figaro
  flickraw
  friendly_id (~> 5.4.0)
  geocoder
  gibbon
  globalize!
  globalize-accessors
  has_scope
  hcaptcha
  http_accept_language
  jsom-pagination!
  jsonapi-serializer
  letter_opener
  listen (>= 3.0.5, < 3.2)
  mail_form
  mini_magick
  oauth-client
  omniauth-facebook
  omniauth-google-oauth2
  omniauth-twitter
  pagy (~> 5.5)
  paper_trail
  pg
  puma
  rack-cors
  rack-utf8_sanitizer
  rails (= 6.1.4)
  rails-controller-testing
  randumb
  redis
  redis-rails (~> 5.0.1)
  rest-client
  rolify
  rollbar
  rspec-core
  rspec-rails
  rswag
  rubocop-faker
  rubocop-performance
  rubocop-rspec
  shoulda-matchers
  simplecov
  spring
  spring-watcher-listen (~> 2.0.0)
  textacular
  twitter
  vimeo
  yt

RUBY VERSION
   ruby 2.7.4p191

BUNDLED WITH
   2.1.4
